GEM
  remote: http://rubygems.org/
  specs:
    bluecloth (2.2.0)
    coderay (1.0.7)
    method_source (0.8)
    pry (0.9.10)
      coderay (~> 1.0.5)
      method_source (~> 0.8)
      slop (~> 3.3.1)
    pry-nav (0.2.2)
      pry (~> 0.9.10)
    redcarpet (2.1.1)
    slop (3.3.2)

PLATFORMS
  ruby

DEPENDENCIES
  bluecloth
  pry
  pry-nav
  redcarpet
